GEM
  remote: https://rubygems.org/
  specs:
    dropbox_api (0.1.10)
      faraday (~> 0.9, ~> 0.8)
      oauth2 (~> 1.1)
    faraday (0.12.2)
      multipart-post (>= 1.2, < 3)
    fitbit_api (0.8.1)
      oauth2 (~> 1.0)
    json (2.3.0)
    jwt (1.5.6)
    multi_json (1.12.2)
    multi_xml (0.6.0)
    multipart-post (2.0.0)
    oauth2 (1.4.0)
      faraday (>= 0.8, < 0.13)
      jwt (~> 1.0)
      multi_json (~> 1.3)
      multi_xml (~> 0.5)
      rack (>= 1.2, < 3)
    rack (2.0.7)

PLATFORMS
  ruby

DEPENDENCIES
  dropbox_api
  fitbit_api
  json
  rack (>= 2.0.6)

BUNDLED WITH
   1.16.1
